
type = string-attribute
name = HISTORY_NOTE
count = 2769
'[dglen@gollum.nimh.nih.gov: Mon Aug 15 17:38:11 2011] ===================================\n[dglen@gollum.nimh.nih.gov: Mon Aug 15 17:38:11 2011] === History of inputs to 3dcalc ===\n[dglen@gollum.nimh.nih.gov: Mon Aug 15 17:38:11 2011] === Input a:\n[dglen@gollum.nimh.nih.gov: Mon Aug 15 17:38:11 2011] [rhdesai@moe: Tue Jun 21 13:25:58 2011] 3dTcat -prefix tcat.nii destrieux.desai_prob.at_TT_N27.bl6.t5.nii.gz fs.subcortical.desai_prob.at_TT_N27.bl6.t5.nii.gz\n[rhdesai@moe: Tue Jun 21 13:27:16 2011] 3dTstat -argmax1 -prefix destrieux.desai_prob.at_subcortical_TT_N27.bl6.max.nii tcat.nii.gz\n[dglen@gollum.nimh.nih.gov: Mon Aug 15 17:38:11 2011] === Input b:\n[dglen@gollum.nimh.nih.gov: Mon Aug 15 17:38:11 2011] [dglen@gollum.nimh.nih.gov: Mon Aug 15 17:37:21 2011] 3dTcat -prefix temp_tcat_dd_fs /Users/dglen/abin/TT_desai_ddpmaps+tlrc. /Users/dglen/abin/TT_desai_fspmaps+tlrc.\n[dglen@gollum.nimh.nih.gov: Mon Aug 15 17:38:00 2011] 3dTstat -max -prefix temp_ts_dd_fs_max temp_tcat_dd_fs+tlrc\n[dglen@gollum.nimh.nih.gov: Mon Aug 15 17:38:11 2011] ===================================\n[dglen@gollum.nimh.nih.gov: Mon Aug 15 17:38:11 2011] 3dcalc -byte -nscale -a destrieux.desai_prob.at_subcortical_TT_N27.bl6.max.nii.gz -b temp_ts_dd_fs_max+tlrc -expr 'a*step(b)' -prefix TT_desai_dd_mpm\n[dglen@gollum.nimh.nih.gov: Mon Aug 15 17:38:38 2011] 3drefit -atrstring ATLAS_LABEL_TABLE file:ddmpm.niml TT_desai_dd_mpm+tlrc\n[dglen@gollum.nimh.nih.gov: Mon Aug 15 17:38:39 2011] 3drefit -cmap INT_CMAP TT_desai_dd_mpm+tlrc\n[dglen@gollum.nimh.nih.gov: Mon Aug 15 17:38:39 2011] 3drefit -space TT_N27 TT_desai_dd_mpm+tlrc\n[dglen@gollum.nimh.nih.gov: Fri May 11 13:23:06 2012] 3drefit -space TT_N27 /Volumes/elrond/pub/dist/atlases/current/TT_N27.HEAD /Volumes/elrond/pub/dist/atlases/current/TT_desai_dd_mpm+tlrc.HEAD /Volumes/elrond/pub/dist/atlases/current/TT_desai_ddpmaps+tlrc.HEAD /Volumes/elrond/pub/dist/atlases/current/TT_desai_dk_mpm+tlrc.HEAD /Volumes/elrond/pub/dist/atlases/current/TT_desai_dkpmaps+tlrc.HEAD /Volumes/elrond/pub/dist/atlases/current/TT_desai_fspmaps+tlrc.HEAD\n[tchamberlain@midway2-login2.rcc.local: Wed Dec  9 20:54:21 2020] {AFNI_19.0.14:linux_centos_7_64} 3dcalc -a /software/afni-19.0-el7-x86_64/TT_desai_dd_mpm+tlrc -expr 'amongst(a,152,170)' -prefix tlrc_ventricle_template+tlrc\n[tchamberlain@midway2-login2.rcc.local: Wed Dec  9 20:54:32 2020] {AFNI_19.0.14:linux_centos_7_64} 3dWarp -tta2mni tlrc_ventricle_template+tlrc\n[tchamberlain@midway2-login2.rcc.local: Mon Feb 28 08:54:28 2022] {AFNI_19.0.14:linux_centos_7_64} 3dresample -master ../../data/derivatives/for_ventricle_mask/sub-pilot001/ses-01/first_pass/pilot001.01.aNT.01.results/mask_CSF_resam+tlrc.HEAD -inset warped+tlrc -prefix mni_ventricle_template_ava_resample~

type = string-attribute
name = TYPESTRING
count = 15
'3DIM_HEAD_ANAT~

type = string-attribute
name = IDCODE_STRING
count = 27
'XYZ_d3T2wn_jOZ9y41aYo-KAHQ~

type = string-attribute
name = IDCODE_DATE
count = 25
'Mon Feb 28 08:54:28 2022~

type = integer-attribute
name = SCENE_DATA
count = 8
 2 2 0 -999 -999
 -999 -999 -999

type = string-attribute
name = LABEL_1
count = 5
'zyxt~

type = string-attribute
name = LABEL_2
count = 5
'zyxt~

type = string-attribute
name = DATASET_NAME
count = 5
'zyxt~

type = integer-attribute
name = ORIENT_SPECIFIC
count = 3
 1 2 4

type  = float-attribute
name  = ORIGIN
count = 3
             90          125.5            -72

type  = float-attribute
name  = DELTA
count = 3
           -2.5           -2.5            2.5

type  = float-attribute
name  = IJK_TO_DICOM
count = 12
           -2.5              0              0             90              0
           -2.5              0          125.5              0              0
            2.5            -72

type  = float-attribute
name  = IJK_TO_DICOM_REAL
count = 12
           -2.5              0              0             90              0
           -2.5              0          125.5              0              0
            2.5            -72

type  = float-attribute
name  = BRICK_STATS
count = 2
              0              1

type = integer-attribute
name = DATASET_RANK
count = 8
 3 1 0 0 0
 0 0 0

type = integer-attribute
name = DATASET_DIMENSIONS
count = 5
 73 87 73 0 0

type = integer-attribute
name = BRICK_TYPES
count = 1
 0

type  = float-attribute
name  = BRICK_FLOAT_FACS
count = 1
              0

type = string-attribute
name = BRICK_LABS
count = 9
'ArgMax+1~

type = string-attribute
name = BRICK_KEYWORDS
count = 1
'~

type = string-attribute
name = TEMPLATE_SPACE
count = 4
'MNI~

type = integer-attribute
name = INT_CMAP
count = 1
 0

type = string-attribute
name = BYTEORDER_STRING
count = 10
'LSB_FIRST~
